GEM
  specs:
    git_repository (0.0.11)
    peach (0.5.1)
    redis (3.0.4)

PLATFORMS
  x86-mingw32

DEPENDENCIES
  git_repository
  peach
  redis
