GEM
  specs:
    git_repository (0.0.11)
    peach (0.5.1)

PLATFORMS
  x86-mingw32

DEPENDENCIES
  git_repository
  peach
